PATH
  remote: .
  specs:
    cosi-temp (1.0.2)

GEM
  remote: https://rubygems.org/
  specs:
    diff-lcs (1.2.5)
    fivemat (1.3.2)
    rake (10.4.2)
    rspec (3.4.0)
      rspec-core (~> 3.4.0)
      rspec-expectations (~> 3.4.0)
      rspec-mocks (~> 3.4.0)
    rspec-core (3.4.1)
      rspec-support (~> 3.4.0)
    rspec-expectations (3.4.0)
      diff-lcs (>= 1.2.0, < 2.0)
      rspec-support (~> 3.4.0)
    rspec-mocks (3.4.0)
      diff-lcs (>= 1.2.0, < 2.0)
      rspec-support (~> 3.4.0)
    rspec-support (3.4.1)

PLATFORMS
  ruby

DEPENDENCIES
  bundler (~> 1.3)
  cosi-temp!
  fivemat
  rake
  rspec

BUNDLED WITH
   1.11.2
